GEM
  remote: https://rubygems.org/
  specs:
    awesome_print (1.8.0)
    coderay (1.1.2)
    diff-lcs (1.3)
    filelock (1.1.1)
    find_a_port (1.0.1)
    json (2.1.0)
    method_source (0.9.0)
    pact-message (0.1.2)
      pact-mock_service (~> 2.6)
      pact-support (= 1.2.99.alpha.1)
      thor (~> 0.20)
    pact-mock_service (2.6.4)
      filelock (~> 1.1)
      find_a_port (~> 1.0.1)
      json
      pact-support (~> 1.2, >= 1.2.1)
      rack (~> 2.0)
      rspec (>= 2.14)
      term-ansicolor (~> 1.0)
      thor (~> 0.19)
      webrick (~> 1.3)
    pact-support (1.2.99.alpha.1)
      awesome_print (~> 1.1)
      find_a_port (~> 1.0.1)
      json
      randexp (~> 0.1.7)
      rspec (>= 2.14)
      term-ansicolor (~> 1.0)
      thor
    pry (0.11.3)
      coderay (~> 1.1.0)
      method_source (~> 0.9.0)
    rack (2.0.4)
    randexp (0.1.7)
    rspec (3.7.0)
      rspec-core (~> 3.7.0)
      rspec-expectations (~> 3.7.0)
      rspec-mocks (~> 3.7.0)
    rspec-core (3.7.1)
      rspec-support (~> 3.7.0)
    rspec-expectations (3.7.0)
      diff-lcs (>= 1.2.0, < 2.0)
      rspec-support (~> 3.7.0)
    rspec-mocks (3.7.0)
      diff-lcs (>= 1.2.0, < 2.0)
      rspec-support (~> 3.7.0)
    rspec-support (3.7.1)
    term-ansicolor (1.6.0)
      tins (~> 1.0)
    thor (0.20.0)
    tins (1.16.3)
    webrick (1.4.2)

PLATFORMS
  ruby

DEPENDENCIES
  pact-message
  pry

BUNDLED WITH
   1.16.1
